PATH
  remote: .
  specs:
    boxr (1.8.0)
      addressable (~> 2.3)
      hashie (~> 3.5)
      httpclient (~> 2.8)
      jwt (>= 1.4)

GEM
  remote: https://rubygems.org/
  specs:
    addressable (2.6.0)
      public_suffix (>= 2.0.2, < 4.0)
    awesome_print (1.8.0)
    diff-lcs (1.3)
    docile (1.3.1)
    dotenv (2.7.2)
    hashie (3.6.0)
    httpclient (2.8.3)
    json (2.2.0)
    jwt (2.2.1)
    lru_redux (0.8.4)
    public_suffix (3.1.0)
    rake (12.3.2)
    rspec (3.8.0)
      rspec-core (~> 3.8.0)
      rspec-expectations (~> 3.8.0)
      rspec-mocks (~> 3.8.0)
    rspec-core (3.8.0)
      rspec-support (~> 3.8.0)
    rspec-expectations (3.8.3)
      diff-lcs (>= 1.2.0, < 2.0)
      rspec-support (~> 3.8.0)
    rspec-mocks (3.8.0)
      diff-lcs (>= 1.2.0, < 2.0)
      rspec-support (~> 3.8.0)
    rspec-support (3.8.0)
    simplecov (0.16.1)
      docile (~> 1.1)
      json (>= 1.8, < 3)
      simplecov-html (~> 0.10.0)
    simplecov-html (0.10.2)

PLATFORMS
  ruby

DEPENDENCIES
  awesome_print (~> 1.8)
  boxr!
  bundler (~> 2.0)
  dotenv
  lru_redux (~> 0.8)
  rake
  rspec (~> 3.1)
  simplecov (~> 0.9)

BUNDLED WITH
   2.0.1
